GEM
  remote: https://rubygems.org/
  specs:
    beefcake (1.2.0)
    json (2.6.2)
    mtrc (0.0.4)
    optimist (3.0.1)
    riemann-client (1.0.0)
      beefcake (>= 1.0.0)
      mtrc (>= 0.0.4)
    riemann-tools (1.0.0)
      json (>= 1.8)
      optimist (~> 3.0, >= 3.0.0)
      riemann-client (~> 1.0)

PLATFORMS
  ruby

DEPENDENCIES
  riemann-tools (>= 1.0.0)

BUNDLED WITH
   2.1.4
