GEM
  remote: https://rubygems.org/
  specs:
    Ascii85 (1.0.3)
    addressable (2.6.0)
      public_suffix (>= 2.0.2, < 4.0)
    afm (0.2.2)
    asciidoctor (2.0.22)
    asciidoctor-diagram (1.5.18)
      asciidoctor (>= 1.5.0, < 3.x)
    asciidoctor-epub3 (2.1.0)
      asciidoctor (~> 2.0)
      gepub (~> 1.0.0)
      mime-types (~> 3.0)
      sass
    asciidoctor-mathematical (0.3.0)
      asciidoctor (~> 2.0, >= 2.0.0)
      mathematical (~> 1.5, >= 1.5.8)
      ruby-enum (~> 0.4)
    asciidoctor-pdf (1.5.0.alpha.18)
      asciidoctor (>= 1.5.3, < 3.0.0)
      concurrent-ruby (~> 1.1.0)
      prawn (~> 2.2.0)
      prawn-icon (~> 2.3.0)
      prawn-svg (~> 0.29.0)
      prawn-table (~> 0.2.0)
      prawn-templates (~> 0.1.0)
      safe_yaml (~> 1.0.0)
      thread_safe (~> 0.3.0)
      treetop (~> 1.5.0)
    coderay (1.1.2)
    concurrent-ruby (1.1.10)
    css_parser (1.7.0)
      addressable
    ffi (1.16.3)
    gepub (1.0.15)
      nokogiri (>= 1.8.2, < 2.0)
      rubyzip (> 1.1.1, < 2.4)
    hashery (2.1.2)
    i18n (1.6.0)
      concurrent-ruby (~> 1.0)
    mathematical (1.6.12)
      ruby-enum (~> 0.4)
    mime-types (3.5.2)
      mime-types-data (~> 3.2015)
    mime-types-data (3.2024.0305)
    mini_portile2 (2.8.5)
    multi_json (1.13.1)
    nokogiri (1.15.6)
      mini_portile2 (~> 2.8.2)
      racc (~> 1.4)
    pdf-core (0.7.0)
    pdf-reader (2.2.0)
      Ascii85 (~> 1.0.0)
      afm (~> 0.2.1)
      hashery (~> 2.0)
      ruby-rc4
      ttfunk
    polyglot (0.3.5)
    prawn (2.2.2)
      pdf-core (~> 0.7.0)
      ttfunk (~> 1.5)
    prawn-icon (2.3.0)
      prawn (>= 1.1.0, < 3.0.0)
    prawn-svg (0.29.1)
      css_parser (~> 1.6)
      prawn (>= 0.11.1, < 3)
    prawn-table (0.2.2)
      prawn (>= 1.3.0, < 3.0.0)
    prawn-templates (0.1.1)
      pdf-reader (~> 2.0)
      prawn (~> 2.2)
    public_suffix (3.1.1)
    pygments.rb (1.2.1)
      multi_json (>= 1.0.0)
    racc (1.7.3)
    rb-fsevent (0.11.2)
    rb-inotify (0.10.1)
      ffi (~> 1.0)
    rouge (3.5.1)
    ruby-enum (0.7.2)
      i18n
    ruby-rc4 (0.1.5)
    rubyzip (2.3.2)
    safe_yaml (1.0.5)
    sass (3.7.4)
      sass-listen (~> 4.0.0)
    sass-listen (4.0.0)
      rb-fsevent (~> 0.9, >= 0.9.4)
      rb-inotify (~> 0.9, >= 0.9.7)
    thread_safe (0.3.6)
    treetop (1.5.3)
      polyglot (~> 0.3)
    ttfunk (1.5.1)

PLATFORMS
  ruby

DEPENDENCIES
  asciidoctor
  asciidoctor-diagram
  asciidoctor-epub3 (>= 1.5.0)
  asciidoctor-mathematical
  asciidoctor-pdf
  coderay
  pygments.rb
  rouge

BUNDLED WITH
   2.1.4
