GEM
  remote: https://rubygems.org/
  specs:
    bindata (2.4.10)
    elftools (1.1.3)
      bindata (~> 2)
    one_gadget (1.7.4)
      elftools (>= 1.0.2, < 1.2.0)

PLATFORMS
  ruby

DEPENDENCIES
  one_gadget (>= 1.7.2)

BUNDLED WITH
   2.1.4
