GEM
  remote: https://rubygems.org/
  specs:
    addressable (2.8.2)
      public_suffix (>= 2.0.2, < 6.0)
    crack (0.4.5)
      rexml
    delayer (1.0.1)
    delayer-deferred (2.1.1)
      delayer (>= 1.0, < 2.0)
    diva (1.0.3)
      addressable (>= 2.5.2, < 3.0)
    hashdiff (1.0.1)
    hashie (5.0.0)
    instance_storage (1.0.0)
    memoist (0.16.2)
    mocha (1.11.1)
    oauth (0.6.2)
      snaky_hash (~> 2.0)
      version_gem (~> 1.1)
    pluggaloid (1.2.0)
      delayer (>= 1.0.0, < 2.0)
      instance_storage (>= 1.0.0, < 2.0.0)
    power_assert (1.1.5)
    public_suffix (4.0.7)
    rake (13.0.1)
    rexml (3.2.5)
    ruby-prof (1.1.0)
    snaky_hash (2.0.1)
      hashie
      version_gem (~> 1.1, >= 1.1.1)
    test-unit (3.3.4)
      power_assert
    typed-array (0.1.2)
    version_gem (1.1.2)
    webmock (3.18.1)
      addressable (>= 2.8.0)
      crack (>= 0.3.2)
      hashdiff (>= 0.4.0, < 2.0.0)

PLATFORMS
  ruby

DEPENDENCIES
  addressable (~> 2.8)
  delayer (>= 1.0.1, < 1.1)
  delayer-deferred (>= 2.1.1, < 2.2)
  diva (>= 1.0.3, < 1.1)
  memoist (>= 0.16.2, < 0.17)
  mocha (>= 1.11.1)
  oauth (>= 0.5.5)
  pluggaloid (>= 1.2.0, < 1.3)
  rake (>= 13.0.1)
  ruby-prof (>= 1.1.0)
  test-unit (>= 3.3.4, < 4.0)
  typed-array (>= 0.1.2, < 0.2)
  webmock (>= 3.7.6)

RUBY VERSION
   ruby 2.7.0p0

BUNDLED WITH
   1.17.3
