GEM
  remote: https://rubygems.org/
  specs:
    certified (1.0.0)
    connection_pool (2.4.0)
    differ (0.1.2)
    json_pure (2.6.3)
    kramdown (2.4.0)
      rexml
    kramdown-parser-gfm (1.1.0)
      kramdown (~> 2.0)
    kramdown-rfc2629 (1.6.27)
      certified (~> 1.0)
      differ (~> 0.1)
      json_pure (~> 2.0)
      kramdown (~> 2.4.0)
      kramdown-parser-gfm (~> 1.1)
      net-http-persistent (~> 4.0)
      unicode-blocks (~> 1.0)
      unicode-name (~> 1.0)
      unicode-scripts (~> 1.0)
    net-http-persistent (4.0.2)
      connection_pool (~> 2.2)
    rexml (3.2.5)
    unicode-blocks (1.8.0)
    unicode-name (1.11.0)
      unicode-types (~> 1.8)
    unicode-scripts (1.8.0)
    unicode-types (1.8.0)

PLATFORMS
  ruby

DEPENDENCIES
  kramdown-rfc2629 (>= 1.4.1)

BUNDLED WITH
   2.1.4
